GEM
  remote: http://rubygems.org/
  specs:
    activesupport (3.2.7)
      i18n (~> 0.6)
      multi_json (~> 1.0)
    capybara (2.0.1)
    coderay (1.0.7)
    daemons (1.1.9)
    diff-lcs (1.1.3)
    eventmachine (1.0.0)
    fakeweb (1.3.0)
    haml (3.1.6)
    http_router (0.10.2)
      rack (>= 1.0.0)
      url_mount (~> 0.2.1)
    i18n (0.6.0)
    mail (2.3.3)
      i18n (>= 0.4.0)
      mime-types (~> 1.16)
      treetop (~> 1.4.8)
    method_source (0.8)
    mime-types (1.19)
    multi_json (1.3.6)
    nokogiri (1.5.5)
    padrino (0.10.6.e)
      padrino-admin (= 0.10.6.e)
      padrino-cache (= 0.10.6.e)
      padrino-core (= 0.10.6.e)
      padrino-gen (= 0.10.6.e)
      padrino-helpers (= 0.10.6.e)
      padrino-mailer (= 0.10.6.e)
    padrino-admin (0.10.6.e)
      padrino-core (= 0.10.6.e)
      padrino-helpers (= 0.10.6.e)
    padrino-cache (0.10.6.e)
      padrino-core (= 0.10.6.e)
    padrino-core (0.10.6.e)
      activesupport (~> 3.2.0)
      http_router (~> 0.10.2)
      sinatra (~> 1.3.1)
      thor (~> 0.14.3)
      tilt (~> 1.3.0)
    padrino-gen (0.10.6.e)
      bundler (~> 1.0)
      padrino-core (= 0.10.6.e)
    padrino-helpers (0.10.6.e)
      i18n (~> 0.6)
      padrino-core (= 0.10.6.e)
    padrino-mailer (0.10.6.e)
      mail (~> 2.3.0)
      padrino-core (= 0.10.6.e)
    polyglot (0.3.3)
    pry (0.9.10)
      coderay (~> 1.0.5)
      method_source (~> 0.8)
      slop (~> 3.3.1)
    rack (1.4.1)
    rack-protection (1.2.0)
      rack
    rack-test (0.6.1)
      rack (>= 1.0)
    rake (0.9.2.2)
    rspec (2.11.0)
      rspec-core (~> 2.11.0)
      rspec-expectations (~> 2.11.0)
      rspec-mocks (~> 2.11.0)
    rspec-core (2.11.1)
    rspec-expectations (2.11.2)
      diff-lcs (~> 1.1.3)
    rspec-mocks (2.11.1)
    sinatra (1.3.2)
      rack (~> 1.3, >= 1.3.6)
      rack-protection (~> 1.2)
      tilt (~> 1.3, >= 1.3.3)
    sinatra-flash (0.3.0)
      sinatra (>= 1.0.0)
    slop (3.3.3)
    thin (1.4.1)
      daemons (>= 1.0.9)
      eventmachine (>= 0.12.6)
      rack (>= 1.0.0)
    thor (0.14.6)
    tilt (1.3.3)
    treetop (1.4.10)
      polyglot
      polyglot (>= 0.3.1)
    url_mount (0.2.1)
      rack
    xpath (0.1.4)
      nokogiri (~> 1.3)

PLATFORMS
  ruby

DEPENDENCIES
  capybara
  fakeweb
  haml
  nokogiri
  padrino (= 0.10.6.e)
  pry
  rack-test
  rake
  rspec
  sinatra-flash
  thin
  xpath
